GEM
  remote: https://rubygems.org/
  specs:
    csv (3.3.0)
    diff-lcs (1.5.1)
    mini_portile2 (2.8.7)
    rspec (3.12.0)
      rspec-core (~> 3.12.0)
      rspec-expectations (~> 3.12.0)
      rspec-mocks (~> 3.12.0)
    rspec-core (3.12.3)
      rspec-support (~> 3.12.0)
    rspec-expectations (3.12.4)
      diff-lcs (>= 1.2.0, < 2.0)
      rspec-support (~> 3.12.0)
    rspec-mocks (3.12.7)
      diff-lcs (>= 1.2.0, < 2.0)
      rspec-support (~> 3.12.0)
    rspec-support (3.12.2)
    sqlite3 (2.1.0)
      mini_portile2 (~> 2.8.0)
    sqlite3 (2.1.0-arm64-darwin)
    table_print (1.5.7)

PLATFORMS
  arm64-darwin-23
  ruby

DEPENDENCIES
  csv
  rspec
  sqlite3 (~> 2.1)
  table_print

BUNDLED WITH
   2.5.21
