GEM
  remote: https://rubygems.org/
  specs:
    csv (3.3.0)
    mini_portile2 (2.8.7)
    sqlite3 (2.1.0)
      mini_portile2 (~> 2.8.0)
    sqlite3 (2.1.0-arm64-darwin)
    table_print (1.5.7)

PLATFORMS
  arm64-darwin-23
  ruby

DEPENDENCIES
  csv
  sqlite3 (~> 2.1)
  table_print

BUNDLED WITH
   2.5.21
